GEM
  remote: https://rubygems.org/
  specs:
    birch (0.0.8)
    json (1.8.1)
    mime-types (1.25.1)
    progressbar (0.21.0)
    rack (1.6.0)
    rack-protection (1.5.3)
      rack
    rubyzip (0.9.9)
    schiphol (1.0.1)
      progressbar (>= 0.10.0)
      rubyzip (~> 0.9.9)
    sinatra (1.4.5)
      rack (~> 1.4)
      rack-protection (~> 1.4)
      tilt (~> 1.3, >= 1.3.4)
    tilt (1.4.1)
    treat (2.1.0)
      birch
      schiphol
      yomu
    yomu (0.2.2)
      json (~> 1.8)
      mime-types (~> 1.23)

PLATFORMS
  ruby

DEPENDENCIES
  sinatra
  treat
